GEM
  remote: https://rubygems.org/
  specs:
    haml (4.0.7)
      tilt
    haml-transpiler-server (1.0.0)
      haml
      puma (~> 3.2)
      sinatra (~> 1.4)
      tilt
    puma (3.2.0)
    rack (1.6.4)
    rack-protection (1.5.3)
      rack
    sinatra (1.4.7)
      rack (~> 1.5)
      rack-protection (~> 1.4)
      tilt (>= 1.3, < 3)
    tilt (2.0.2)

PLATFORMS
  ruby

DEPENDENCIES
  haml-transpiler-server

BUNDLED WITH
   1.11.2
